GIT
  remote: https://github.com/livingsocial/rake-pipeline.git
  revision: ae0795842a8958934d872a005d18b16161aa05fe
  specs:
    rake-pipeline (0.8.0)
      json
      rake (~> 0.9.0)
      thor

GIT
  remote: https://github.com/wycats/rake-pipeline-web-filters.git
  revision: 2cfe4e71b23086d86dcc67c16ccaee5796e3c946
  specs:
    rake-pipeline-web-filters (0.6.0)
      rack
      rake-pipeline (~> 0.6)

GEM
  remote: https://rubygems.org/
  specs:
    coffee-script (2.2.0)
      coffee-script-source
      execjs
    coffee-script-source (1.4.0)
    colored (1.2)
    execjs (1.4.0)
      multi_json (~> 1.0)
    json (1.7.5)
    multi_json (1.3.7)
    rack (1.4.1)
    rake (0.9.2.2)
    thor (0.16.0)
    uglifier (1.0.4)
      execjs (>= 0.3.0)
      multi_json (>= 1.0.2)

PLATFORMS
  ruby

DEPENDENCIES
  coffee-script
  colored
  rake-pipeline!
  rake-pipeline-web-filters!
  uglifier (~> 1.0.3)
